PATH
  remote: .
  specs:
    num_ext (0.1.0)
      prime

GEM
  remote: https://rubygems.org/
  specs:
    diff-lcs (1.5.0)
    forwardable (1.3.2)
    prime (0.1.2)
      forwardable
      singleton
    rake (13.0.6)
    rspec (3.11.0)
      rspec-core (~> 3.11.0)
      rspec-expectations (~> 3.11.0)
      rspec-mocks (~> 3.11.0)
    rspec-core (3.11.0)
      rspec-support (~> 3.11.0)
    rspec-expectations (3.11.1)
      diff-lcs (>= 1.2.0, < 2.0)
      rspec-support (~> 3.11.0)
    rspec-mocks (3.11.1)
      diff-lcs (>= 1.2.0, < 2.0)
      rspec-support (~> 3.11.0)
    rspec-support (3.11.1)
    singleton (0.1.1)

PLATFORMS
  x86_64-linux

DEPENDENCIES
  num_ext!
  rake (~> 13.0)
  rspec (~> 3.0)

BUNDLED WITH
   2.4.0.dev
